GEM
  remote: https://rubygems.org/
  specs:
    ffi (1.10.0)
    jekyll-paginate (1.1.0)
    jekyll-watch (2.1.2)
      listen (~> 3.0)
    listen (3.1.5)
      rb-fsevent (~> 0.9, >= 0.9.4)
      rb-inotify (~> 0.9, >= 0.9.7)
      ruby_dep (~> 1.2)
    rb-fsevent (0.10.3)
    rb-inotify (0.10.0)
      ffi (~> 1.0)
    redcarpet (3.4.0)
    rouge (3.3.0)
    ruby_dep (1.5.0)

PLATFORMS
  ruby

DEPENDENCIES
  jekyll-paginate
  jekyll-watch
  redcarpet
  rouge

BUNDLED WITH
   2.0.1
